PATH
  remote: ../sinatra-gkauth-gem
  specs:
    sinatra-gkauth (0.2.0)
      sinatra (~> 1.4)

GEM
  remote: https://rubygems.org/
  specs:
    activemodel (4.2.5.1)
      activesupport (= 4.2.5.1)
      builder (~> 3.1)
    activesupport (4.2.5.1)
      i18n (~> 0.7)
      json (~> 1.7, >= 1.7.7)
      minitest (~> 5.1)
      thread_safe (~> 0.3, >= 0.3.4)
      tzinfo (~> 1.1)
    addressable (2.3.8)
    backports (3.6.7)
    bson (3.2.6)
    builder (3.2.2)
    connection_pool (2.2.0)
    daemons (1.2.3)
    domain_name (0.5.20160128)
      unf (>= 0.0.5, < 1.0.0)
    em-hiredis (0.3.1)
      eventmachine (~> 1.0)
      hiredis (~> 0.6.0)
    em-postman (0.1.0)
      em-hiredis
      multi_json
      yajl-ruby
    eventmachine (1.0.9.1)
    ffi (1.9.10)
    hiredis (0.6.1)
    http-cookie (1.0.2)
      domain_name (~> 0.5)
    i18n (0.7.0)
    json (1.8.3)
    json-schema (2.6.0)
      addressable (~> 2.3.8)
    listen (3.0.5)
      rb-fsevent (>= 0.9.3)
      rb-inotify (>= 0.9)
    logstash-event (1.2.02)
    logstash-logger (0.15.2)
      logstash-event (~> 1.2)
      stud
    mime-types (2.99)
    mini_portile2 (2.0.0)
    minitest (5.8.4)
    mongoid (4.0.2)
      activemodel (~> 4.0)
      moped (~> 2.0.0)
      origin (~> 2.1)
      tzinfo (>= 0.3.37)
    moped (2.0.7)
      bson (~> 3.0)
      connection_pool (~> 2.0)
      optionable (~> 0.2.0)
    multi_json (1.11.2)
    netrc (0.11.0)
    nokogiri (1.6.7.2)
      mini_portile2 (~> 2.0.0.rc2)
    optionable (0.2.0)
    origin (2.2.0)
    rack (1.6.4)
    rack-protection (1.5.3)
      rack
    rack-test (0.6.3)
      rack (>= 1.0)
    rb-fsevent (0.9.7)
    rb-inotify (0.9.5)
      ffi (>= 0.5.0)
    rerun (0.11.0)
      listen (~> 3.0)
    rest-client (1.8.0)
      http-cookie (>= 1.0.2, < 2.0)
      mime-types (>= 1.16, < 3.0)
      netrc (~> 0.7)
    sinatra (1.4.7)
      rack (~> 1.5)
      rack-protection (~> 1.4)
      tilt (>= 1.3, < 3)
    sinatra-contrib (1.4.6)
      backports (>= 2.0)
      multi_json
      rack-protection
      rack-test
      sinatra (~> 1.4.0)
      tilt (>= 1.3, < 3)
    stud (0.0.22)
    thin (1.6.4)
      daemons (~> 1.0, >= 1.0.9)
      eventmachine (~> 1.0, >= 1.0.4)
      rack (~> 1.0)
    thread_safe (0.3.5)
    tilt (2.0.2)
    tzinfo (1.2.2)
      thread_safe (~> 0.1)
    unf (0.1.4)
      unf_ext
    unf_ext (0.0.7.1)
    yajl-ruby (1.2.1)
    yard (0.8.7.6)

PLATFORMS
  ruby

DEPENDENCIES
  em-postman
  json (~> 1.8)
  json-schema (~> 2.5)
  logstash-logger
  mongoid (~> 4.0)
  nokogiri (~> 1.6)
  rerun
  rest-client (~> 1.8)
  sinatra (~> 1.4)
  sinatra-contrib (~> 1.4)
  sinatra-gkauth (~> 0.2.0)!
  thin (~> 1.6)
  yard (~> 0.8)

BUNDLED WITH
   1.10.6
